PATH
  remote: .
  specs:
    s3 (0.3.25)
      addressable

GEM
  remote: https://rubygems.org/
  specs:
    addressable (2.5.2)
      public_suffix (>= 2.0.2, < 4.0)
    metaclass (0.0.4)
    mocha (1.3.0)
      metaclass (~> 0.0.1)
    power_assert (1.1.1)
    public_suffix (3.0.1)
    rake (10.5.0)
    test-unit (3.2.7)
      power_assert

PLATFORMS
  ruby

DEPENDENCIES
  bundler (~> 1.16)
  mocha
  rake (~> 10.0)
  s3!
  test-unit

BUNDLED WITH
   1.16.1
